PATH
  remote: .
  specs:
    hexlet_code (0.1.0)

GEM
  remote: https://rubygems.org/
  specs:
    minitest (5.16.3)
    rake (13.0.3)

PLATFORMS
  x86_64-linux

DEPENDENCIES
  hexlet_code!
  minitest (~> 5.16)
  rake (~> 13.0)

BUNDLED WITH
   2.3.26
